GEM
  remote: https://gem.fury.io/halloumi/
  remote: https://rubygems.org/
  specs:
    abstraction (0.0.4)
    activesupport (4.2.11.3)
      i18n (~> 0.7)
      minitest (~> 5.1)
      thread_safe (~> 0.3, >= 0.3.4)
      tzinfo (~> 1.1)
    addressable (2.8.1)
      public_suffix (>= 2.0.2, < 6.0)
    ast (2.4.2)
    astrolabe (1.3.1)
      parser (~> 2.2)
    aws-eventstream (1.2.0)
    aws-sdk (2.10.134)
      aws-sdk-resources (= 2.10.134)
    aws-sdk-core (2.10.134)
      aws-sigv4 (~> 1.0)
      jmespath (~> 1.0)
    aws-sdk-resources (2.10.134)
      aws-sdk-core (= 2.10.134)
    aws-sdk-v1 (1.67.0)
      json (~> 1.4)
      nokogiri (~> 1)
    aws-sigv4 (1.5.2)
      aws-eventstream (~> 1, >= 1.0.2)
    berkshelf (4.3.5)
      addressable (~> 2.3, >= 2.3.4)
      berkshelf-api-client (~> 2.0, >= 2.0.2)
      buff-config (~> 1.0)
      buff-extensions (~> 1.0)
      buff-shell_out (~> 0.1)
      celluloid (= 0.16.0)
      celluloid-io (~> 0.16.1)
      cleanroom (~> 1.0)
      faraday (~> 0.9)
      httpclient (~> 2.7)
      minitar (~> 0.5, >= 0.5.4)
      mixlib-archive (~> 0.1)
      octokit (~> 4.0)
      retryable (~> 2.0)
      ridley (~> 4.5)
      solve (~> 2.0)
      thor (~> 0.19)
    berkshelf-api-client (2.0.2)
      faraday (~> 0.9.1)
      httpclient (~> 2.7.0)
      ridley (~> 4.5)
    buff-config (1.0.1)
      buff-extensions (~> 1.0)
      varia_model (~> 0.4)
    buff-extensions (1.0.0)
    buff-ignore (1.1.1)
    buff-ruby_engine (0.1.0)
    buff-shell_out (0.2.0)
      buff-ruby_engine (~> 0.1.0)
    celluloid (0.16.0)
      timers (~> 4.0.0)
    celluloid-io (0.16.2)
      celluloid (>= 0.16.0)
      nio4r (>= 1.1.0)
    cfndsl (0.10.2)
    chef-config (13.2.20)
      addressable
      fuzzyurl
      mixlib-config (~> 2.0)
      mixlib-shellout (~> 2.0)
    cleanroom (1.0.0)
    cloudformationcop (0.0.2)
      abstraction (~> 0.0)
      pastel (~> 0.5.3)
      rake (~> 10.3)
      shell-spinner (~> 1.0)
    cloudformer-extensions (0.0.5)
      cloudformer2 (~> 1.0.18)
    cloudformer2 (1.0.19)
      aws-sdk (~> 2.10.9)
      aws-sdk-v1 (~> 1.67.0)
      httparty
      rake
    coderay (1.1.3)
    colorize (0.8.1)
    concurrent-ruby (1.1.10)
    diff-lcs (1.5.0)
    doc_to_dash (0.0.10)
      nokogiri
      sqlite3
    docile (1.4.0)
    dotenv (2.8.1)
    equatable (0.5.0)
    erubis (2.7.0)
    faraday (0.9.2)
      multipart-post (>= 1.2, < 3)
    ffi (1.15.5)
    formatador (1.1.0)
    fuzzyurl (0.9.0)
    guard (2.18.0)
      formatador (>= 0.2.4)
      listen (>= 2.7, < 4.0)
      lumberjack (>= 1.0.12, < 2.0)
      nenv (~> 0.1)
      notiffany (~> 0.0)
      pry (>= 0.13.0)
      shellany (~> 0.0)
      thor (>= 0.18.1)
    guard-compat (1.2.1)
    guard-rspec (4.7.3)
      guard (~> 2.1)
      guard-compat (~> 1.1)
      rspec (>= 2.99.0, < 4.0)
    halloumi (0.0.3)
      halloumi-compiler-cloudformation (~> 0.0)
      halloumi-resources (~> 0.0)
      halloumi-resources-compound (~> 0.0)
      halloumi-tasks (~> 0.0)
    halloumi-compiler-cloudformation (0.3.1)
      activesupport (~> 4.1)
      cfndsl (~> 0.1, < 0.11.0)
      halloumi-resources (~> 0.4)
    halloumi-filters (0.1.1)
      activesupport (~> 4.1)
    halloumi-flowlog (0.0.2)
      halloumi-resources-compound (~> 0.0)
      halloumi-tasks (~> 0.0)
    halloumi-resources (0.6.1)
      activesupport (~> 4.1)
      promise (~> 0.3)
    halloumi-resources-compound (0.12.4)
      activesupport (~> 4.1)
      halloumi-filters (~> 0.1)
      halloumi-resources (~> 0.6, >= 0.6.0)
      netaddr (~> 1.5)
      promise (~> 0.3)
    halloumi-tasks (0.3.12)
      aws-sdk (~> 2.10.0)
      aws-sdk-v1 (~> 1.67.0)
      cloudformer-extensions (~> 0.0)
      colorize (~> 0.7)
      doc_to_dash (~> 0.0.9)
      dotenv (~> 2.0)
      halloumi-compiler-cloudformation (~> 0.1)
      rake (~> 10.3)
      rubyzip (~> 1.1)
      rugged (~> 0.23)
      yard (~> 0.8)
      yard-activesupport-concern (~> 0.0)
    hashie (3.6.0)
    hitimes (2.0.0)
    httparty (0.20.0)
      mime-types (~> 3.0)
      multi_xml (>= 0.5.2)
    httpclient (2.7.2)
    i18n (0.9.5)
      concurrent-ruby (~> 1.0)
    jmespath (1.6.1)
    json (1.8.6)
    listen (3.7.1)
      rb-fsevent (~> 0.10, >= 0.10.3)
      rb-inotify (~> 0.9, >= 0.9.10)
    lumberjack (1.2.8)
    method_source (1.0.0)
    mime-types (3.4.1)
      mime-types-data (~> 3.2015)
    mime-types-data (3.2022.0105)
    mini_portile2 (2.8.0)
    minitar (0.9)
    minitest (5.16.3)
    mixlib-archive (0.4.20)
      mixlib-log
    mixlib-authentication (3.0.10)
    mixlib-config (2.2.18)
      tomlrb
    mixlib-log (3.0.9)
    mixlib-shellout (2.4.4)
    molinillo (0.4.5)
    multi_xml (0.6.0)
    multipart-post (2.2.3)
    nenv (0.3.0)
    netaddr (1.5.3)
    nio4r (2.5.8)
    nokogiri (1.13.9)
      mini_portile2 (~> 2.8.0)
      racc (~> 1.4)
    notiffany (0.1.3)
      nenv (~> 0.1)
      shellany (~> 0.0)
    octokit (4.22.0)
      faraday (>= 0.9)
      sawyer (~> 0.8.0, >= 0.5.3)
    parser (2.7.2.0)
      ast (~> 2.4.1)
    pastel (0.5.3)
      equatable (~> 0.5.0)
      tty-screen (~> 0.4.3)
    powerpack (0.1.3)
    promise (0.3.1)
    pry (0.14.1)
      coderay (~> 1.1)
      method_source (~> 1.0)
    public_suffix (5.0.0)
    racc (1.6.0)
    rainbow (2.2.2)
      rake
    rake (10.5.0)
    rb-fsevent (0.11.2)
    rb-inotify (0.10.1)
      ffi (~> 1.0)
    retryable (2.0.4)
    ridley (4.6.1)
      addressable
      buff-config (~> 1.0)
      buff-extensions (~> 1.0)
      buff-ignore (~> 1.1.1)
      buff-shell_out (~> 0.1)
      celluloid (~> 0.16.0)
      celluloid-io (~> 0.16.1)
      chef-config (>= 12.5.0)
      erubis
      faraday (~> 0.9.0)
      hashie (>= 2.0.2, < 4.0.0)
      httpclient (~> 2.7)
      json (>= 1.7.7)
      mixlib-authentication (>= 1.3.0)
      retryable (~> 2.0)
      semverse (~> 1.1)
      varia_model (~> 0.4.0)
    rspec (3.12.0)
      rspec-core (~> 3.12.0)
      rspec-expectations (~> 3.12.0)
      rspec-mocks (~> 3.12.0)
    rspec-core (3.12.0)
      rspec-support (~> 3.12.0)
    rspec-expectations (3.12.0)
      diff-lcs (>= 1.2.0, < 2.0)
      rspec-support (~> 3.12.0)
    rspec-its (1.3.0)
      rspec-core (>= 3.0.0)
      rspec-expectations (>= 3.0.0)
    rspec-mocks (3.12.0)
      diff-lcs (>= 1.2.0, < 2.0)
      rspec-support (~> 3.12.0)
    rspec-support (3.12.0)
    rspec_junit_formatter (0.6.0)
      rspec-core (>= 2, < 4, != 2.12.0)
    rubocop (0.35.1)
      astrolabe (~> 1.3)
      parser (>= 2.2.3.0, < 3.0)
      powerpack (~> 0.1)
      rainbow (>= 1.99.1, < 3.0)
      ruby-progressbar (~> 1.7)
      tins (<= 1.6.0)
    rubocop-junit-formatter (0.1.4)
    ruby-progressbar (1.11.0)
    rubyzip (1.3.0)
    rugged (0.99.0)
    sawyer (0.8.2)
      addressable (>= 2.3.5)
      faraday (> 0.8, < 2.0)
    semverse (1.2.1)
    shell-spinner (1.0.4)
      colorize
    shellany (0.0.1)
    simplecov (0.21.2)
      docile (~> 1.1)
      simplecov-html (~> 0.11)
      simplecov_json_formatter (~> 0.1)
    simplecov-html (0.12.3)
    simplecov_json_formatter (0.1.4)
    solve (2.0.3)
      molinillo (~> 0.4.2)
      semverse (~> 1.1)
    sqlite3 (1.5.3)
      mini_portile2 (~> 2.8.0)
    thor (0.20.3)
    thread_safe (0.3.6)
    timers (4.0.4)
      hitimes
    tins (1.6.0)
    tomlrb (2.0.3)
    tty-screen (0.4.3)
    tzinfo (1.2.10)
      thread_safe (~> 0.1)
    varia_model (0.4.1)
      buff-extensions (~> 1.0)
      hashie (>= 2.0.2, < 4.0.0)
    webrick (1.7.0)
    yard (0.9.28)
      webrick (~> 1.7.0)
    yard-activesupport-concern (0.0.1)
      yard (>= 0.8)

PLATFORMS
  ruby

DEPENDENCIES
  berkshelf (~> 4.0)!
  chef-config (~> 13.2.20)!
  cloudformationcop (~> 0.0)!
  guard (~> 2.6)!
  guard-rspec (~> 4.3)!
  halloumi (~> 0.0)!
  halloumi-filters (~> 0.0)!
  halloumi-flowlog (~> 0.0)!
  halloumi-resources-compound (~> 0.7)!
  pry!
  rake!
  rspec (~> 3.2)!
  rspec-its (~> 1.2)!
  rspec_junit_formatter!
  rubocop (~> 0.35.1)!
  rubocop-junit-formatter!
  rugged!
  simplecov (~> 0.9)!
  yard (~> 0.8)!
  yard-activesupport-concern (~> 0.0.1)!

BUNDLED WITH
   1.17.2
